GEM
  remote: https://rubygems.org/
  specs:
    json (2.3.0)
    minitest (5.14.0)
    multi_json (1.15.0)
    mustermann (1.1.1)
      ruby2_keywords (~> 0.0.1)
    nio4r (2.5.2)
    puma (4.3.3)
      nio4r (~> 2.0)
    rack (2.2.3)
    rack-protection (2.2.0)
      rack
    ruby2_keywords (0.0.5)
    sinatra (2.2.0)
      mustermann (~> 1.0)
      rack (~> 2.2)
      rack-protection (= 2.2.0)
      tilt (~> 2.0)
    sinatra-contrib (2.2.0)
      multi_json
      mustermann (~> 1.0)
      rack-protection (= 2.2.0)
      sinatra (= 2.2.0)
      tilt (~> 2.0)
    sinatra-cors (1.1.0)
    sinatra-cross_origin (0.4.0)
    tilt (2.0.10)

PLATFORMS
  ruby

DEPENDENCIES
  json
  minitest
  puma (>= 4.3.3)
  rack (>= 1.6.12)
  sinatra (~> 2.2.0)
  sinatra-contrib
  sinatra-cors (~> 1.1)
  sinatra-cross_origin

RUBY VERSION
   ruby 2.6.5p114

BUNDLED WITH
   2.1.4
